PATH
  remote: .
  specs:
    em-gcm (0.0.1)
      em-http-request (~> 1.0.3)
      eventmachine (~> 1.0.0)

GEM
  remote: http://rubygems.org/
  specs:
    addressable (2.3.2)
    cookiejar (0.3.0)
    diff-lcs (1.1.3)
    em-http-request (1.0.3)
      addressable (>= 2.2.3)
      cookiejar
      em-socksify
      eventmachine (>= 1.0.0.beta.4)
      http_parser.rb (>= 0.5.3)
    em-socksify (0.2.1)
      eventmachine (>= 1.0.0.beta.4)
    eventmachine (1.0.0)
    http_parser.rb (0.5.3)
    rspec (2.12.0)
      rspec-core (~> 2.12.0)
      rspec-expectations (~> 2.12.0)
      rspec-mocks (~> 2.12.0)
    rspec-core (2.12.0)
    rspec-expectations (2.12.0)
      diff-lcs (~> 1.1.3)
    rspec-mocks (2.12.0)

PLATFORMS
  ruby

DEPENDENCIES
  em-gcm!
  rspec (~> 2.12.0)
